GIT
  remote: git://github.com/mendicant-university/newman.git
  revision: 3a0156393cf141b3fec0b64a429345fc133eaf33
  specs:
    newman (0.3.0)
      mail (~> 2.3.0)
      tilt (~> 1.3.3)

GEM
  remote: http://rubygems.org/
  specs:
    erubis (2.7.0)
    i18n (0.6.0)
    mail (2.3.0)
      i18n (>= 0.4.0)
      mime-types (~> 1.16)
      treetop (~> 1.4.8)
    mime-types (1.17.2)
    polyglot (0.3.3)
    portera (0.1.3)
      erubis
      tempr (>= 0.1.4)
      tilt
    tempr (0.1.4)
    tilt (1.3.3)
    treetop (1.4.10)
      polyglot
      polyglot (>= 0.3.1)

PLATFORMS
  ruby

DEPENDENCIES
  newman!
  portera (~> 0.1)
