GIT
  remote: https://github.com/ericgj/portera.git
  revision: a7f7d6713d18c011bcb82065629b1246a0368553
  specs:
    portera (0.1.4)
      erubis
      tempr (>= 0.1.4)
      tilt

GIT
  remote: https://github.com/mendicant-university/newman.git
  revision: 909f8b817f2832568a33f27ba9bbe7e4cebcc819
  specs:
    newman (0.4.0)
      mail (= 2.3.0)
      tilt (~> 1.3.3)

GEM
  remote: http://rubygems.org/
  specs:
    erubis (2.7.0)
    i18n (0.6.0)
    mail (2.3.0)
      i18n (>= 0.4.0)
      mime-types (~> 1.16)
      treetop (~> 1.4.8)
    mime-types (1.17.2)
    minitest (2.11.3)
    polyglot (0.3.3)
    purdytest (1.0.0)
      minitest (~> 2.2)
    tempr (0.1.4)
    tilt (1.3.3)
    treetop (1.4.10)
      polyglot
      polyglot (>= 0.3.1)

PLATFORMS
  ruby

DEPENDENCIES
  minitest (~> 2.11.1)
  newman!
  portera!
  purdytest
